PATH
  remote: .
  specs:
    fetchapp-api-ruby (2.0.1)
      httparty

GEM
  remote: http://rubygems.org/
  specs:
    fakeweb (1.3.0)
    httparty (0.21.0)
      mini_mime (>= 1.0.0)
      multi_xml (>= 0.5.2)
    metaclass (0.0.1)
    mini_mime (1.1.2)
    mocha (0.10.5)
      metaclass (~> 0.0.1)
    multi_xml (0.6.0)

PLATFORMS
  ruby

DEPENDENCIES
  fakeweb
  fetchapp-api-ruby!
  mocha
